GEM
  remote: http://rubygems.org/
  specs:
    activemodel (3.0.3)
      activesupport (= 3.0.3)
      builder (~> 2.1.2)
      i18n (~> 0.4)
    activerecord (3.0.3)
      activemodel (= 3.0.3)
      activesupport (= 3.0.3)
      arel (~> 2.0.2)
      tzinfo (~> 0.3.23)
    activesupport (3.0.3)
    arel (2.0.3)
    builder (2.1.2)
    facets (2.8.4)
    git (1.2.5)
    i18n (0.4.1)
    jeweler (1.5.1)
      bundler (~> 1.0.0)
      git (>= 1.2.5)
      rake
    rake (0.8.7)
    rforce (0.4.1)
      builder (>= 2.0.0)
      facets (>= 2.4)
    tzinfo (0.3.23)

PLATFORMS
  ruby

DEPENDENCIES
  activerecord (= 3.0.3)
  activesupport (= 3.0.3)
  builder (~> 2.1.2)
  bundler (~> 1.0.0)
  facets (= 2.8.4)
  jeweler (~> 1.5.1)
  rforce (= 0.4.1)
